ObjectType = Image
NDims = 3
ElementNumberOfChannels = 1
DimSize = 39 39 39 
ElementType = MET_DOUBLE
ElementSpacing = 0.02 0.02 0.02 
Position = -0.534198 -0.38 -0.0240453 
Orientation = 0.674596 0.738188 -3.07816e-08 -2.07651e-08 6.06752e-08 1 0.738188 -0.674596 5.62598e-08 
isPerpective = 0
ElementDataFile = sphere.raw
